GEM
  remote: http://rubygems.org/
  specs:
    image_suckr (0.2.0)
    innate (2015.10.28)
      rack (~> 1.6.4)
    rack (1.6.4)
    rake (10.4.2)
    ramaze (2012.12.08)
      innate (>= 2012.12)
      rake

PLATFORMS
  ruby

DEPENDENCIES
  image_suckr
  rake
  ramaze (>= 2.0.0)

BUNDLED WITH
   1.10.6
